GEM
  remote: http://rubygems.org/
  specs:
    activesupport (5.0.1)
      concurrent-ruby (~> 1.0, >= 1.0.2)
      i18n (~> 0.7)
      minitest (~> 5.1)
      tzinfo (~> 1.1)
    bson (4.2.1)
    bson (4.2.1-java)
    concurrent-ruby (1.0.4)
    concurrent-ruby (1.0.4-java)
    i18n (0.7.0)
    log4r (1.1.10)
    mini_portile2 (2.2.0)
    minitest (5.10.1)
    mongo (2.4.1)
      bson (>= 4.2.1, < 5.0.0)
    nokogiri (1.8.0-java)
    nokogiri (1.8.0-x86-mingw32)
      mini_portile2 (~> 2.2.0)
    thread_safe (0.3.5)
    thread_safe (0.3.5-java)
    tzinfo (1.2.2)
      thread_safe (~> 0.1)

PLATFORMS
  java
  x86-mingw32

DEPENDENCIES
  activesupport
  bson
  bundler
  log4r
  mongo
  nokogiri

RUBY VERSION
   ruby 2.3.3p222

BUNDLED WITH
   1.15.1
